NUGET
  remote: https://nuget.org/api/v2
  specs:
    Antlr (3.5.0.2) - framework: >= net45
    d3 (3.5.6) - framework: >= net45
    Dynamitey (1.0.2.0) - framework: >= net45
    FSharp.Charting (0.90.12) - framework: >= net45
    FSharp.Core (3.1.2.1) - framework: >= net45
    FSharp.Data (2.2.5) - framework: >= net45
    FSharp.Interop.Dynamic (3.0.0.0) - framework: >= net45
      Dynamitey (>= 1.0.2.0)
      FSharp.Core (>= 3.1.2.1)
    FsUnit (1.3.1.0) - framework: >= net452
      NUnit (2.6.4)
    FsWebAddRegistryEntries (0.1.1.0) - framework: >= net45
    jQuery (2.1.4) - framework: >= net45
    Knockout.Combobox (1.0.80.0) - framework: >= net45
      knockoutjs (>= 3.0.0)
    Knockout.Validation (2.0.3) - framework: >= net45
      knockoutjs (>= 2.3.0)
    knockoutjs (3.3.0) - framework: >= net45
    MathNet.Numerics (3.8.0) - framework: >= net45
    Microsoft.AspNet.Mvc (5.2.3) - framework: >= net45
      Microsoft.AspNet.Razor (>= 3.2.3 < 3.3.0)
      Microsoft.AspNet.WebPages (>= 3.2.3 < 3.3.0)
    Microsoft.AspNet.Razor (3.2.3) - framework: >= net45
    Microsoft.AspNet.Web.Optimization (1.1.3) - framework: >= net45
      Microsoft.Web.Infrastructure (>= 1.0.0)
      WebGrease (>= 1.5.2)
    Microsoft.AspNet.WebApi (5.2.3) - framework: >= net45
      Microsoft.AspNet.WebApi.WebHost (>= 5.2.3 < 5.3.0)
    Microsoft.AspNet.WebApi.Client (5.2.3) - framework: >= net45
      Newtonsoft.Json (>= 6.0.4) - framework: portable-wp80+win+net45+wp81+wpa81, >= net45
    Microsoft.AspNet.WebApi.Core (5.2.3) - framework: >= net45
      Microsoft.AspNet.WebApi.Client (>= 5.2.3)
    Microsoft.AspNet.WebApi.WebHost (5.2.3) - framework: >= net45
      Microsoft.AspNet.WebApi.Core (>= 5.2.3 < 5.3.0)
    Microsoft.AspNet.WebPages (3.2.3) - framework: >= net45
      Microsoft.AspNet.Razor (>= 3.2.3 < 3.3.0)
      Microsoft.Web.Infrastructure (>= 1.0.0.0)
    Microsoft.Web.Infrastructure (1.0.0.0) - framework: >= net45
    MSBuild.Extension.Pack (1.6.0) - framework: >= net45
    Newtonsoft.Json (7.0.1)
    NUnit (2.6.4) - framework: >= net452
    Pricer (0.18.0) - framework: >= net45
      FSharp.Data (>= 2.2.5 <= 2.2.5)
      MathNet.Numerics (>= 3.8.0 <= 3.8.0)
    WebGrease (1.6.0) - framework: >= net45
      Antlr (>= 3.4.1.9004)
      Newtonsoft.Json (>= 5.0.4)
GITHUB
  remote: hoonzis/KoExtensions
  specs:
    src/KoExtensions.js (953ac7e712ab3d858153cc2e914623d7d9d6d4cb)